NUGET
  remote: https://www.nuget.org/api/v2
    proj2src (0.1)
GITHUB
  remote: jbevain/cecil
    FULLPROJECT (42db79cc16f1cbe8dbab558904e188352dba2b41)